GEM
  remote: https://rubygems.org/
  specs:
    aws-sdk (2.9.15)
      aws-sdk-resources (= 2.9.15)
    aws-sdk-core (2.9.15)
      aws-sigv4 (~> 1.0)
      jmespath (~> 1.0)
    aws-sdk-resources (2.9.15)
      aws-sdk-core (= 2.9.15)
    aws-sigv4 (1.0.0)
    coderay (1.1.1)
    colorize (0.8.1)
    commander (4.4.3)
      highline (~> 1.7.2)
    diffy (3.1.0)
    domain_name (0.5.20170404)
      unf (>= 0.0.5, < 1.0.0)
    equatable (0.5.0)
    highline (1.7.8)
    hitimes (1.2.6)
    http-cookie (1.0.3)
      domain_name (~> 0.5)
    jmespath (1.3.1)
    method_source (0.8.2)
    mime-types (3.1)
      mime-types-data (~> 3.2015)
    mime-types-data (3.2016.0521)
    necromancer (0.4.0)
    netrc (0.11.0)
    pastel (0.7.2)
      equatable (~> 0.5.0)
      tty-color (~> 0.4.0)
    polyglot (0.3.5)
    pry (0.10.4)
      coderay (~> 1.1.0)
      method_source (~> 0.8.1)
      slop (~> 3.4)
    rake (12.3.1)
    rest-client (2.0.2)
      http-cookie (>= 1.0.2, < 2.0)
      mime-types (>= 1.16, < 4.0)
      netrc (~> 0.8)
    semantic (1.6.0)
    slop (3.6.0)
    subprocess (1.3.2)
    terminal-table (1.8.0)
      unicode-display_width (~> 1.1, >= 1.1.1)
    terraform_landscape (0.1.17)
      colorize (~> 0.7)
      commander (~> 4.4)
      diffy (~> 3.0)
      treetop (~> 1.6)
    timers (4.1.2)
      hitimes
    treetop (1.6.9)
      polyglot (~> 0.3)
    tty-color (0.4.2)
    tty-cursor (0.5.0)
    tty-prompt (0.14.0)
      necromancer (~> 0.4.0)
      pastel (~> 0.7.0)
      timers (~> 4.1.2)
      tty-cursor (~> 0.5.0)
      tty-reader (~> 0.2.0)
    tty-reader (0.2.0)
      tty-cursor (~> 0.5.0)
      tty-screen (~> 0.6.4)
      wisper (~> 2.0.0)
    tty-screen (0.6.4)
    unf (0.1.4)
      unf_ext
    unf_ext (0.0.7.5)
    unicode-display_width (1.3.0)
    wisper (2.0.0)

PLATFORMS
  ruby

DEPENDENCIES
  aws-sdk (~> 2.0)
  colorize
  pry
  rake
  rest-client (~> 2.0)
  semantic
  subprocess
  terminal-table (~> 1.8)
  terraform_landscape (~> 0.1)
  tty-prompt (~> 0.14)

BUNDLED WITH
   1.16.1
